PATH
  remote: .
  specs:
    redis_cluster (0.3.2)
      hiredis (~> 0.6)
      redis (~> 3.2)

GEM
  remote: https://rubygems.org/
  specs:
    byebug (11.1.3)
    coderay (1.1.3)
    diff-lcs (1.5.0)
    hiredis (0.6.3)
    method_source (1.0.0)
    pry (0.14.2)
      coderay (~> 1.1)
      method_source (~> 1.0)
    pry-byebug (3.10.1)
      byebug (~> 11.0)
      pry (>= 0.13, < 0.15)
    rake (10.5.0)
    redis (3.3.5)
    rspec (3.12.0)
      rspec-core (~> 3.12.0)
      rspec-expectations (~> 3.12.0)
      rspec-mocks (~> 3.12.0)
    rspec-core (3.12.0)
      rspec-support (~> 3.12.0)
    rspec-expectations (3.12.2)
      diff-lcs (>= 1.2.0, < 2.0)
      rspec-support (~> 3.12.0)
    rspec-mocks (3.12.3)
      diff-lcs (>= 1.2.0, < 2.0)
      rspec-support (~> 3.12.0)
    rspec-support (3.12.0)

PLATFORMS
  x86_64-darwin-19

DEPENDENCIES
  bundler (~> 2.0)
  pry
  pry-byebug
  rake (~> 10.0)
  redis_cluster!
  rspec (~> 3.0)

BUNDLED WITH
   2.2.3
