PATH
  remote: .
  specs:
    redis_cluster (1.0.0.pre.ebertz.5)
      em-hiredis
      em-redis
      hiredis (~> 0.6)

GEM
  remote: https://rubygems.org/
  specs:
    appraisal (2.4.0)
      bundler
      rake
      thor (>= 0.14.0)
    byebug (11.1.3)
    coderay (1.1.3)
    diff-lcs (1.5.0)
    em-hiredis (0.3.1)
      eventmachine (~> 1.0)
      hiredis (~> 0.6.0)
    em-redis (0.3.0)
      eventmachine
    eventmachine (1.2.7)
    hiredis (0.6.3)
    method_source (1.0.0)
    pry (0.14.2)
      coderay (~> 1.1)
      method_source (~> 1.0)
    pry-byebug (3.8.0)
      byebug (~> 11.0)
      pry (~> 0.10)
    rake (13.0.6)
    rspec (3.12.0)
      rspec-core (~> 3.12.0)
      rspec-expectations (~> 3.12.0)
      rspec-mocks (~> 3.12.0)
    rspec-core (3.12.1)
      rspec-support (~> 3.12.0)
    rspec-expectations (3.12.2)
      diff-lcs (>= 1.2.0, < 2.0)
      rspec-support (~> 3.12.0)
    rspec-mocks (3.12.4)
      diff-lcs (>= 1.2.0, < 2.0)
      rspec-support (~> 3.12.0)
    rspec-support (3.12.0)
    thor (1.2.1)

PLATFORMS
  arm64-darwin-22
  x86_64-darwin-19
  x86_64-darwin-20

DEPENDENCIES
  appraisal
  bundler (~> 2.0)
  pry
  pry-byebug
  rake (~> 13.0)
  redis_cluster!
  rspec (~> 3.0)

BUNDLED WITH
   2.3.10
